GEM
  remote: https://rubygems.org/
  specs:
    rack (2.2.6.2)

PLATFORMS
  ruby

DEPENDENCIES
  rack (~> 2.2.6)

RUBY VERSION
   ruby 2.7.1p83

BUNDLED WITH
   2.1.4
