GEM
  remote: https://rubygems.org/
  specs:
    rack (2.1.4)

PLATFORMS
  ruby

DEPENDENCIES
  rack (~> 2.1.4)

RUBY VERSION
   ruby 2.5.3p105

BUNDLED WITH
   1.16.6
